GIT
  remote: git://github.com/jfredett/tire.git
  revision: 5bce2b5294b6356c39e939f1203da1f7c71279b3
  ref: 5bce2b5294b6356c39e939f1203da1f7c71279b3
  specs:
    tire (0.4.0)
      activemodel (>= 3.0)
      hashr (~> 0.0.19)
      multi_json (~> 1.0)
      rake
      rest-client (~> 1.6)

GEM
  remote: https://rubygems.org/
  specs:
    activemodel (3.2.3)
      activesupport (= 3.2.3)
      builder (~> 3.0.0)
    activesupport (3.2.3)
      i18n (~> 0.6)
      multi_json (~> 1.0)
    addressable (2.2.6)
    binding_of_caller (0.6.4)
    builder (3.0.0)
    capistrano (2.11.2)
      highline
      net-scp (>= 1.0.0)
      net-sftp (>= 2.0.0)
      net-ssh (>= 2.0.14)
      net-ssh-gateway (>= 1.1.0)
    capybara (1.1.2)
      mime-types (>= 1.16)
      nokogiri (>= 1.3.3)
      rack (>= 1.0.0)
      rack-test (>= 0.5.4)
      selenium-webdriver (~> 2.0)
      xpath (~> 0.1.4)
    childprocess (0.3.1)
      ffi (~> 1.0.6)
    coderay (1.0.5)
    daemons (1.1.8)
    diff-lcs (1.1.3)
    eventmachine (0.12.10)
    ffi (1.0.11)
    hashr (0.0.20)
    heroku (2.23.0)
      launchy (>= 0.3.2)
      netrc (~> 0.7.1)
      rest-client (~> 1.6.1)
      rubyzip
    highline (1.6.11)
    i18n (0.6.0)
    launchy (2.0.5)
      addressable (~> 2.2.6)
    method_source (0.7.1)
    mime-types (1.18)
    multi_json (1.0.4)
    net-scp (1.0.4)
      net-ssh (>= 1.99.1)
    net-sftp (2.0.5)
      net-ssh (>= 2.0.9)
    net-ssh (2.3.0)
    net-ssh-gateway (1.1.0)
      net-ssh (>= 1.99.1)
    netrc (0.7.1)
    nokogiri (1.5.0)
    pry (0.9.8.2)
      coderay (~> 1.0.5)
      method_source (~> 0.7)
      slop (>= 2.4.4, < 3)
    pry-doc (0.4.1)
      pry (>= 0.9.0)
      yard (~> 0.7.4)
    pry-nav (0.1.0)
      pry (~> 0.9.8.1)
    pry-stack_explorer (0.4.1)
      binding_of_caller (~> 0.6.2)
      pry (~> 0.9.8.2)
    rack (1.4.1)
    rack-protection (1.2.0)
      rack
    rack-test (0.6.1)
      rack (>= 1.0)
    rake (0.9.2.2)
    rest-client (1.6.7)
      mime-types (>= 1.16)
    rspec (2.8.0)
      rspec-core (~> 2.8.0)
      rspec-expectations (~> 2.8.0)
      rspec-mocks (~> 2.8.0)
    rspec-core (2.8.0)
    rspec-expectations (2.8.0)
      diff-lcs (~> 1.1.2)
    rspec-mocks (2.8.0)
    rubyzip (0.9.6.1)
    sass (3.1.15)
    selenium-webdriver (2.19.0)
      childprocess (>= 0.2.5)
      ffi (~> 1.0.9)
      multi_json (~> 1.0.4)
      rubyzip
    sinatra (1.3.2)
      rack (~> 1.3, >= 1.3.6)
      rack-protection (~> 1.2)
      tilt (~> 1.3, >= 1.3.3)
    slop (2.4.4)
    thin (1.3.1)
      daemons (>= 1.0.9)
      eventmachine (>= 0.12.6)
      rack (>= 1.0.0)
    tilt (1.3.3)
    xpath (0.1.4)
      nokogiri (~> 1.3)
    yard (0.7.5)

PLATFORMS
  ruby

DEPENDENCIES
  activesupport
  capistrano
  capybara
  heroku
  launchy
  pry
  pry-doc
  pry-nav
  pry-stack_explorer
  rack-test
  rake
  rspec
  sass
  sinatra
  thin
  tire!
